GEM
  remote: http://rubygems.org/
  specs:
    bson (1.8.2)
    diff-lcs (1.1.3)
    extlib (0.9.16)
    json (1.7.6)
    mongo (1.8.2)
      bson (~> 1.8.2)
    mordor (0.2.17)
      extlib
      json
      mongo
    rake (10.0.3)
    rspec (2.12.0)
      rspec-core (~> 2.12.0)
      rspec-expectations (~> 2.12.0)
      rspec-mocks (~> 2.12.0)
    rspec-core (2.12.2)
    rspec-expectations (2.12.1)
      diff-lcs (~> 1.1.3)
    rspec-mocks (2.12.1)

PLATFORMS
  ruby

DEPENDENCIES
  bundler (> 1.0.0)
  mordor
  rake
  rspec (~> 2.0)
